GEM
  remote: http://rubygems.org/
  specs:
    array-hooked (1.1.4)
      identifies_as
      module-cluster
    array-unique (1.1.1)
      array-hooked
    diff-lcs (1.1.3)
    identifies_as (1.1.0)
    module-cluster (2.0.5)
    rake (0.9.2.2)
    rspec (2.12.0)
      rspec-core (~> 2.12.0)
      rspec-expectations (~> 2.12.0)
      rspec-mocks (~> 2.12.0)
    rspec-core (2.12.2)
    rspec-expectations (2.12.1)
      diff-lcs (~> 1.1.3)
    rspec-mocks (2.12.1)

PLATFORMS
  ruby

DEPENDENCIES
  array-unique (~> 1.1.1)
  rake
  rspec
  rspec-mocks
